ObjectType = Image
NDims = 3
BinaryData = True
BinaryDataByteOrderMSB = False
CompressedData = False
TransformMatrix = 1 0 0 0 1 0 0 0 1
Offset = -148 -311 -1011.1
CenterOfRotation = 0 0 0
AnatomicalOrientation = RAI
ElementSize = 0.617188 0.617188 1.25
ElementSpacing = 0.617188 0.617188 0.8
DimSize = 512 512 422
ElementType = MET_SHORT
ElementDataFile = lola11-03.raw 
