ObjectType = Image
NDims = 3
BinaryData = True
BinaryDataByteOrderMSB = False
CompressedData = False
TransformMatrix = 1 0 0 0 1 0 0 0 -1
Offset = 0 0 0
CenterOfRotation = 0 0 0
AnatomicalOrientation = RAS
ElementSpacing = 0.646484375 0.646484375 1
ElementSize = 0.646484375 0.646484375 1
DimSize = 512 512 312
ElementType = MET_SHORT
ElementDataFile = lola11-55.raw 
