ObjectType = Image
NDims = 3
BinaryData = True
BinaryDataByteOrderMSB = False
CompressedData = False
TransformMatrix = 1 0 0 0 1 0 0 0 1
Offset = -161 -285 -305.4
CenterOfRotation = 0 0 0
AnatomicalOrientation = RAI
ElementSize = 0.636719 0.636719 1.25
ElementSpacing = 0.636719 0.636719 0.8
DimSize = 512 512 428
ElementType = MET_SHORT
ElementDataFile = lola11-10.raw 
