ObjectType = Image
NDims = 3
BinaryData = True
BinaryDataByteOrderMSB = False
CompressedData = False
TransformMatrix = 1 0 0 0 1 0 0 0 1
Offset = -180 -333 -568.9
CenterOfRotation = 0 0 0
AnatomicalOrientation = RAI
ElementSize = 0.703125 0.703125 1.25
ElementSpacing = 0.703125 0.703125 0.8
DimSize = 512 512 411
ElementType = MET_SHORT
ElementDataFile = lola11-30.raw 
