ObjectType = Image
NDims = 3
BinaryData = True
BinaryDataByteOrderMSB = False
CompressedData = False
TransformMatrix = 1 0 0 0 1 0 0 0 1
Offset = -184 -355 -34.65
CenterOfRotation = 0 0 0
AnatomicalOrientation = RAI
ElementSize = 0.6875 0.6875 3
ElementSpacing = 0.6875 0.6875 1.5
DimSize = 512 512 295
ElementType = MET_SHORT
ElementDataFile = lola11-20.raw 
