ObjectType = Image
NDims = 3
BinaryData = True
BinaryDataByteOrderMSB = False
CompressedData = False
TransformMatrix = 1 0 0 0 1 0 0 0 1
Offset = -144.5 -271.5 -463.9
CenterOfRotation = 0 0 0
AnatomicalOrientation = RAI
ElementSize = 0.560547 0.560547 2.5
ElementSpacing = 0.560547 0.560547 1.19998
DimSize = 512 512 253
ElementType = MET_SHORT
ElementDataFile = lola11-32.raw 
