ObjectType = Image
NDims = 3
BinaryData = True
BinaryDataByteOrderMSB = False
CompressedData = False
TransformMatrix = 1 0 0 0 1 0 0 0 -1
Offset = 0 0 0
CenterOfRotation = 0 0 0
AnatomicalOrientation = RAS
ElementSize = 0.71875 0.71875 0.75
ElementSpacing = 0.71875 0.71875 0.699951
DimSize = 512 512 464
ElementType = MET_SHORT
ElementDataFile = lola11-01.raw 
