ObjectType = Image
NDims = 3
BinaryData = True
BinaryDataByteOrderMSB = False
CompressedData = False
TransformMatrix = 1 0 0 0 1 0 0 0 1
Offset = -173 -344 -1128.75
CenterOfRotation = 0 0 0
AnatomicalOrientation = RAI
ElementSize = 0.683594 0.683594 1
ElementSpacing = 0.683594 0.683594 0.5
DimSize = 512 512 773
ElementType = MET_SHORT
ElementDataFile = lola11-51.raw 
