ObjectType = Image
NDims = 3
BinaryData = True
BinaryDataByteOrderMSB = False
CompressedData = False
TransformMatrix = 1 0 0 0 1 0 0 0 1
Offset = -127 -269 -133.6
CenterOfRotation = 0 0 0
AnatomicalOrientation = RAI
ElementSize = 0.527344 0.527344 2.5
ElementSpacing = 0.527344 0.527344 1.2
DimSize = 512 512 234
ElementType = MET_SHORT
ElementDataFile = lola11-37.raw 
