ObjectType = Image
NDims = 3
BinaryData = True
BinaryDataByteOrderMSB = False
CompressedData = False
TransformMatrix = 1 0 0 0 1 0 0 0 -1
Offset = 0 0 0
CenterOfRotation = 0 0 0
AnatomicalOrientation = RAS
ElementSpacing = 0.595703 0.595703 0.800001
ElementSize = 0.595703 0.595703 1.5
DimSize = 512 512 414
ElementType = MET_SHORT
ElementDataFile = lola11-33.raw 
