ObjectType = Image
NDims = 3
BinaryData = True
BinaryDataByteOrderMSB = False
CompressedData = False
TransformMatrix = 1 0 0 0 1 0 0 0 1
Offset = -151 -316 -96.75
CenterOfRotation = 0 0 0
AnatomicalOrientation = RAI
ElementSize = 0.585938 0.585938 3
ElementSpacing = 0.585938 0.585938 1.5
DimSize = 512 512 168
ElementType = MET_SHORT
ElementDataFile = lola11-35.raw 
