ObjectType = Image
NDims = 3
BinaryData = True
BinaryDataByteOrderMSB = False
CompressedData = False
TransformMatrix = 1 0 0 0 1 0 0 0 -1
Offset = 0 0 0
CenterOfRotation = 0 0 0
AnatomicalOrientation = RAS
ElementSpacing = 0.585938 0.585938 0.6
ElementSize = 0.585938 0.585938 1.25
DimSize = 512 512 534
ElementType = MET_SHORT
ElementDataFile = lola11-47.raw 
