ObjectType = Image
NDims = 3
BinaryData = True
BinaryDataByteOrderMSB = False
CompressedData = False
TransformMatrix = 1 0 0 0 1 0 0 0 -1
Offset = 0 0 0
CenterOfRotation = 0 0 0
AnatomicalOrientation = RAS
ElementSize = 0.582031 0.582031 0.75
ElementSpacing = 0.582031 0.582031 0.700005
DimSize = 512 512 390
ElementType = MET_SHORT
ElementDataFile = lola11-11.raw 
