ObjectType = Image
NDims = 3
BinaryData = True
BinaryDataByteOrderMSB = False
CompressedData = False
TransformMatrix = 1 0 0 0 1 0 0 0 1
Offset = -222.391 -129.391 1611.5
CenterOfRotation = 0 0 0
AnatomicalOrientation = RAI
ElementSize = 0.78125 0.78125 1
ElementSpacing = 0.78125 0.78125 1
DimSize = 512 512 343
ElementType = MET_SHORT
ElementDataFile = lola11-31.raw 
